GEM
  remote: https://rubygems.org/
  specs:
    daemons (1.2.4)
    eventmachine (1.2.0.1)
    execjs (2.7.0)
    haml (4.0.7)
      tilt
    rack (2.0.1)
    rack-indifferent (1.2.0)
      rack (>= 1.5)
    rake (10.4.2)
    roda (2.18.0)
      rack
    sass (3.4.22)
    shotgun (0.9.2)
      rack (>= 1.0)
    thin (1.7.0)
      daemons (~> 1.0, >= 1.0.9)
      eventmachine (~> 1.0, >= 1.0.4)
      rack (>= 1, < 3)
    tilt (2.0.5)
    uglifier (3.0.2)
      execjs (>= 0.3.0, < 3)

PLATFORMS
  ruby

DEPENDENCIES
  haml (~> 4.0, >= 4.0.7)
  rack-indifferent (~> 1.2)
  rake (> 10.0)
  roda (~> 2.18)
  sass (~> 3.4, >= 3.4.22)
  shotgun (~> 0.9.2)
  thin (~> 1.7)
  uglifier (~> 3.0)

BUNDLED WITH
   1.12.5
